GIT
  remote: https://github.com/steveoro/goggles_db
  revision: 322a4bbbc8841900b37cb3a56aa0e18b2599d48f
  specs:
    goggles_db (0.7.08)
      acts-as-taggable-on
      acts_as_votable
      cities
      countries
      country_select
      devise
      devise-i18n
      draper
      factory_bot_rails
      ffaker
      fuzzy-string-match
      haml
      haml-rails
      jwt
      ledermann-rails-settings
      loofah
      mini_magick
      nokogiri
      omniauth-facebook
      omniauth-rails_csrf_protection
      plus_codes
      rails (>= 6.1.7, < 7)
      rails-i18n (~> 6)
      sass-rails
      scenic
      simple_command
      tzinfo

GEM
  remote: https://rubygems.org/
  specs:
    RubyInline (3.14.0)
      ZenTest (~> 4.3)
    ZenTest (4.12.1)
    actioncable (6.1.7.7)
      actionpack (= 6.1.7.7)
      activesupport (= 6.1.7.7)
      nio4r (~> 2.0)
      websocket-driver (>= 0.6.1)
    actionmailbox (6.1.7.7)
      actionpack (= 6.1.7.7)
      activejob (= 6.1.7.7)
      activerecord (= 6.1.7.7)
      activestorage (= 6.1.7.7)
      activesupport (= 6.1.7.7)
      mail (>= 2.7.1)
    actionmailer (6.1.7.7)
      actionpack (= 6.1.7.7)
      actionview (= 6.1.7.7)
      activejob (= 6.1.7.7)
      activesupport (= 6.1.7.7)
      mail (~> 2.5, >= 2.5.4)
      rails-dom-testing (~> 2.0)
    actionpack (6.1.7.7)
      actionview (= 6.1.7.7)
      activesupport (= 6.1.7.7)
      rack (~> 2.0, >= 2.0.9)
      rack-test (>= 0.6.3)
      rails-dom-testing (~> 2.0)
      rails-html-sanitizer (~> 1.0, >= 1.2.0)
    actiontext (6.1.7.7)
      actionpack (= 6.1.7.7)
      activerecord (= 6.1.7.7)
      activestorage (= 6.1.7.7)
      activesupport (= 6.1.7.7)
      nokogiri (>= 1.8.5)
    actionview (6.1.7.7)
      activesupport (= 6.1.7.7)
      builder (~> 3.1)
      erubi (~> 1.4)
      rails-dom-testing (~> 2.0)
      rails-html-sanitizer (~> 1.1, >= 1.2.0)
    activejob (6.1.7.7)
      activesupport (= 6.1.7.7)
      globalid (>= 0.3.6)
    activemodel (6.1.7.7)
      activesupport (= 6.1.7.7)
    activemodel-serializers-xml (1.0.2)
      activemodel (> 5.x)
      activesupport (> 5.x)
      builder (~> 3.1)
    activerecord (6.1.7.7)
      activemodel (= 6.1.7.7)
      activesupport (= 6.1.7.7)
    activestorage (6.1.7.7)
      actionpack (= 6.1.7.7)
      activejob (= 6.1.7.7)
      activerecord (= 6.1.7.7)
      activesupport (= 6.1.7.7)
      marcel (~> 1.0)
      mini_mime (>= 1.1.0)
    activesupport (6.1.7.7)
      concurrent-ruby (~> 1.0, >= 1.0.2)
      i18n (>= 1.6, < 2)
      minitest (>= 5.1)
      tzinfo (~> 2.0)
      zeitwerk (~> 2.3)
    acts-as-taggable-on (10.0.0)
      activerecord (>= 6.1, < 7.2)
    acts_as_votable (0.14.0)
    addressable (2.8.6)
      public_suffix (>= 2.0.2, < 6.0)
    airbrussh (1.5.1)
      sshkit (>= 1.6.1, != 1.7.0)
    ast (2.4.2)
    awesome_print (1.9.2)
    base64 (0.2.0)
    bcrypt (3.1.20)
    better_errors (2.10.1)
      erubi (>= 1.0.0)
      rack (>= 0.9.0)
      rouge (>= 1.0.0)
    bigdecimal (3.1.7)
    bindex (0.8.1)
    binding_of_caller (1.0.1)
      debug_inspector (>= 1.2.0)
    bootsnap (1.18.3)
      msgpack (~> 1.2)
    brakeman (6.1.2)
      racc
    browser (5.3.1)
    builder (3.2.4)
    bullet (7.1.6)
      activesupport (>= 3.0.0)
      uniform_notifier (~> 1.11)
    capistrano (3.18.1)
      airbrussh (>= 1.0.0)
      i18n
      rake (>= 10.0.0)
      sshkit (>= 1.9.0)
    capybara (3.40.0)
      addressable
      matrix
      mini_mime (>= 0.1.3)
      nokogiri (~> 1.11)
      rack (>= 1.6.0)
      rack-test (>= 0.6.3)
      regexp_parser (>= 1.5, < 3.0)
      xpath (~> 3.2)
    childprocess (5.0.0)
    cities (0.3.1)
      multi_json (~> 1.8)
    codecov (0.2.12)
      json
      simplecov
    coderay (1.1.3)
    colorize (1.1.0)
    concurrent-ruby (1.2.3)
    countries (6.0.0)
      unaccent (~> 0.3)
    country_select (9.0.0)
      countries (> 5.0, < 7.0)
    coveralls (0.7.1)
      multi_json (~> 1.3)
      rest-client
      simplecov (>= 0.7)
      term-ansicolor
      thor
    crack (1.0.0)
      bigdecimal
      rexml
    crass (1.0.6)
    cucumber (9.2.0)
      builder (~> 3.2)
      cucumber-ci-environment (> 9, < 11)
      cucumber-core (> 13, < 14)
      cucumber-cucumber-expressions (~> 17.0)
      cucumber-gherkin (> 24, < 28)
      cucumber-html-formatter (> 20.3, < 22)
      cucumber-messages (> 19, < 25)
      diff-lcs (~> 1.5)
      mini_mime (~> 1.1)
      multi_test (~> 1.1)
      sys-uname (~> 1.2)
    cucumber-ci-environment (10.0.1)
    cucumber-core (13.0.2)
      cucumber-gherkin (>= 27, < 28)
      cucumber-messages (>= 20, < 23)
      cucumber-tag-expressions (> 5, < 7)
    cucumber-cucumber-expressions (17.1.0)
      bigdecimal
    cucumber-gherkin (27.0.0)
      cucumber-messages (>= 19.1.4, < 23)
    cucumber-html-formatter (21.3.1)
      cucumber-messages (> 19, < 25)
    cucumber-messages (22.0.0)
    cucumber-rails (3.0.0)
      capybara (>= 3.11, < 4)
      cucumber (>= 5, < 10)
      railties (>= 5.2, < 8)
    cucumber-tag-expressions (6.1.0)
    daemons (1.4.1)
    datagrid (1.8.1)
      railties (>= 6.0)
    date (3.3.4)
    debug_inspector (1.2.0)
    delayed-web (0.4.9)
      rails (>= 3.2.13)
    delayed_job (4.1.11)
      activesupport (>= 3.0, < 8.0)
    delayed_job_active_record (4.1.8)
      activerecord (>= 3.0, < 8.0)
      delayed_job (>= 3.0, < 5)
    devise (4.9.3)
      bcrypt (~> 3.0)
      orm_adapter (~> 0.1)
      railties (>= 4.1.0)
      responders
      warden (~> 1.2.3)
    devise-i18n (1.12.0)
      devise (>= 4.9.0)
    diff-lcs (1.5.1)
    docile (1.1.5)
    domain_name (0.6.20240107)
    draper (4.0.2)
      actionpack (>= 5.0)
      activemodel (>= 5.0)
      activemodel-serializers-xml (>= 1.0)
      activesupport (>= 5.0)
      request_store (>= 1.0)
      ruby2_keywords
    erubi (1.12.0)
    factory_bot (6.4.6)
      activesupport (>= 5.0.0)
    factory_bot_rails (6.4.3)
      factory_bot (~> 6.4)
      railties (>= 5.0.0)
    faraday (2.9.0)
      faraday-net_http (>= 2.0, < 3.2)
    faraday-net_http (3.1.0)
      net-http
    ffaker (2.23.0)
    ffi (1.16.3)
    font-awesome-rails (4.7.0.8)
      railties (>= 3.2, < 8.0)
    formatador (1.1.0)
    fuzzy-string-match (1.0.1)
      RubyInline (>= 3.8.6)
    globalid (1.2.1)
      activesupport (>= 6.1)
    google-id-token (1.4.2)
      jwt (>= 1)
    google_sign_in (1.2.1)
      google-id-token (>= 1.4.0)
      oauth2 (>= 1.4.0)
      rails (>= 5.2.0)
    guard (2.18.1)
      formatador (>= 0.2.4)
      listen (>= 2.7, < 4.0)
      lumberjack (>= 1.0.12, < 2.0)
      nenv (~> 0.1)
      notiffany (~> 0.0)
      pry (>= 0.13.0)
      shellany (~> 0.0)
      thor (>= 0.18.1)
    guard-brakeman (0.8.6)
      brakeman (>= 2.1.1)
      guard (>= 2.0.0)
      guard-compat (~> 1.0)
    guard-bundler (3.0.1)
      bundler (>= 2.1, < 3)
      guard (~> 2.2)
      guard-compat (~> 1.1)
    guard-compat (1.2.1)
    guard-cucumber (3.0.0)
      cucumber (>= 3.1)
      nenv (>= 0.1)
    guard-haml_lint (1.2.0)
      guard (~> 2.2)
      guard-compat (~> 1.2)
      haml_lint (~> 0.35)
    guard-inch (0.2.0)
      guard (~> 2)
      inch (~> 0)
    guard-rspec (4.7.3)
      guard (~> 2.1)
      guard-compat (~> 1.1)
      rspec (>= 2.99.0, < 4.0)
    guard-rubocop (1.5.0)
      guard (~> 2.0)
      rubocop (< 2.0)
    guard-shell (0.7.2)
      guard (>= 2.0.0)
      guard-compat (~> 1.0)
    guard-spring (1.1.1)
      guard (~> 2.0)
      guard-compat (~> 1.1)
      spring
    haml (6.3.0)
      temple (>= 0.8.2)
      thor
      tilt
    haml-rails (2.1.0)
      actionpack (>= 5.1)
      activesupport (>= 5.1)
      haml (>= 4.0.6)
      railties (>= 5.1)
    haml_lint (0.57.0)
      haml (>= 5.0)
      parallel (~> 1.10)
      rainbow
      rubocop (>= 1.0)
      sysexits (~> 1.1)
    hashdiff (1.1.0)
    hashie (5.0.0)
    http-accept (1.7.0)
    http-cookie (1.0.5)
      domain_name (~> 0.5)
    i18n (1.14.4)
      concurrent-ruby (~> 1.0)
    inch (0.8.0)
      pry
      sparkr (>= 0.2.0)
      term-ansicolor
      yard (~> 0.9.12)
    json (2.7.2)
    jwt (2.8.1)
      base64
    kaminari (1.2.2)
      activesupport (>= 4.1.0)
      kaminari-actionview (= 1.2.2)
      kaminari-activerecord (= 1.2.2)
      kaminari-core (= 1.2.2)
    kaminari-actionview (1.2.2)
      actionview
      kaminari-core (= 1.2.2)
    kaminari-activerecord (1.2.2)
      activerecord
      kaminari-core (= 1.2.2)
    kaminari-core (1.2.2)
    language_server-protocol (3.17.0.3)
    launchy (3.0.0)
      addressable (~> 2.8)
      childprocess (~> 5.0)
    ledermann-rails-settings (2.6.1)
      activerecord (>= 6.1)
    letter_opener (1.10.0)
      launchy (>= 2.2, < 4)
    listen (3.9.0)
      rb-fsevent (~> 0.10, >= 0.10.3)
      rb-inotify (~> 0.9, >= 0.9.10)
    loofah (2.22.0)
      crass (~> 1.0.2)
      nokogiri (>= 1.12.0)
    lumberjack (1.2.10)
    mail (2.8.1)
      mini_mime (>= 0.1.1)
      net-imap
      net-pop
      net-smtp
    marcel (1.0.4)
    matrix (0.4.2)
    method_source (1.0.0)
    mime-types (3.5.2)
      mime-types-data (~> 3.2015)
    mime-types-data (3.2024.0305)
    mini_magick (4.12.0)
    mini_mime (1.1.5)
    minitest (5.22.3)
    msgpack (1.7.2)
    multi_json (1.15.0)
    multi_test (1.1.0)
    multi_xml (0.6.0)
    mutex_m (0.2.0)
    mysql2 (0.5.6)
    n_plus_one_control (0.7.1)
    nenv (0.3.0)
    net-http (0.4.1)
      uri
    net-imap (0.4.10)
      date
      net-protocol
    net-pop (0.1.2)
      net-protocol
    net-protocol (0.2.2)
      timeout
    net-scp (4.0.0)
      net-ssh (>= 2.6.5, < 8.0.0)
    net-sftp (4.0.0)
      net-ssh (>= 5.0.0, < 8.0.0)
    net-smtp (0.5.0)
      net-protocol
    net-ssh (7.2.3)
    netrc (0.11.0)
    nio4r (2.7.1)
    nokogiri (1.16.3-x86_64-linux)
      racc (~> 1.4)
    notiffany (0.1.3)
      nenv (~> 0.1)
      shellany (~> 0.0)
    oauth2 (2.0.9)
      faraday (>= 0.17.3, < 3.0)
      jwt (>= 1.0, < 3.0)
      multi_xml (~> 0.5)
      rack (>= 1.2, < 4)
      snaky_hash (~> 2.0)
      version_gem (~> 1.1)
    omniauth (2.1.2)
      hashie (>= 3.4.6)
      rack (>= 2.2.3)
      rack-protection
    omniauth-facebook (9.0.0)
      omniauth-oauth2 (~> 1.2)
    omniauth-oauth2 (1.8.0)
      oauth2 (>= 1.4, < 3)
      omniauth (~> 2.0)
    omniauth-rails_csrf_protection (1.0.1)
      actionpack (>= 4.2)
      omniauth (~> 2.0)
    orm_adapter (0.5.0)
    parallel (1.24.0)
    parser (3.3.0.5)
      ast (~> 2.4.1)
      racc
    plus_codes (0.2.1)
    prosopite (1.4.2)
    pry (0.14.2)
      coderay (~> 1.1)
      method_source (~> 1.0)
    public_suffix (5.0.5)
    puma (6.4.2)
      nio4r (~> 2.0)
    racc (1.7.3)
    rack (2.2.9)
    rack-protection (3.2.0)
      base64 (>= 0.1.0)
      rack (~> 2.2, >= 2.2.4)
    rack-proxy (0.7.7)
      rack
    rack-test (2.1.0)
      rack (>= 1.3)
    rails (6.1.7.7)
      actioncable (= 6.1.7.7)
      actionmailbox (= 6.1.7.7)
      actionmailer (= 6.1.7.7)
      actionpack (= 6.1.7.7)
      actiontext (= 6.1.7.7)
      actionview (= 6.1.7.7)
      activejob (= 6.1.7.7)
      activemodel (= 6.1.7.7)
      activerecord (= 6.1.7.7)
      activestorage (= 6.1.7.7)
      activesupport (= 6.1.7.7)
      bundler (>= 1.15.0)
      railties (= 6.1.7.7)
      sprockets-rails (>= 2.0.0)
    rails-dom-testing (2.2.0)
      activesupport (>= 5.0.0)
      minitest
      nokogiri (>= 1.6)
    rails-html-sanitizer (1.6.0)
      loofah (~> 2.21)
      nokogiri (~> 1.14)
    rails-i18n (6.0.0)
      i18n (>= 0.7, < 2)
      railties (>= 6.0.0, < 7)
    railties (6.1.7.7)
      actionpack (= 6.1.7.7)
      activesupport (= 6.1.7.7)
      method_source
      rake (>= 12.2)
      thor (~> 1.0)
    rainbow (3.1.1)
    rake (13.2.1)
    rb-fsevent (0.11.2)
    rb-inotify (0.10.1)
      ffi (~> 1.0)
    regexp_parser (2.9.0)
    request_store (1.6.0)
      rack (>= 1.4)
    responders (3.1.1)
      actionpack (>= 5.2)
      railties (>= 5.2)
    rest-client (2.1.0)
      http-accept (>= 1.7.0, < 2.0)
      http-cookie (>= 1.0.2, < 2.0)
      mime-types (>= 1.16, < 4.0)
      netrc (~> 0.8)
    rexml (3.2.6)
    rouge (4.2.1)
    rspec (3.13.0)
      rspec-core (~> 3.13.0)
      rspec-expectations (~> 3.13.0)
      rspec-mocks (~> 3.13.0)
    rspec-core (3.13.0)
      rspec-support (~> 3.13.0)
    rspec-expectations (3.13.0)
      diff-lcs (>= 1.2.0, < 2.0)
      rspec-support (~> 3.13.0)
    rspec-mocks (3.13.0)
      diff-lcs (>= 1.2.0, < 2.0)
      rspec-support (~> 3.13.0)
    rspec-rails (6.1.2)
      actionpack (>= 6.1)
      activesupport (>= 6.1)
      railties (>= 6.1)
      rspec-core (~> 3.13)
      rspec-expectations (~> 3.13)
      rspec-mocks (~> 3.13)
      rspec-support (~> 3.13)
    rspec-support (3.13.1)
    rspec_junit_formatter (0.6.0)
      rspec-core (>= 2, < 4, != 2.12.0)
    rspec_pacman_formatter (0.1.7)
      colorize
      rspec
    rubocop (1.63.0)
      json (~> 2.3)
      language_server-protocol (>= 3.17.0)
      parallel (~> 1.10)
      parser (>= 3.3.0.2)
      rainbow (>= 2.2.2, < 4.0)
      regexp_parser (>= 1.8, < 3.0)
      rexml (>= 3.2.5, < 4.0)
      rubocop-ast (>= 1.31.1, < 2.0)
      ruby-progressbar (~> 1.7)
      unicode-display_width (>= 2.4.0, < 3.0)
    rubocop-ast (1.31.2)
      parser (>= 3.3.0.4)
    rubocop-capybara (2.20.0)
      rubocop (~> 1.41)
    rubocop-factory_bot (2.25.1)
      rubocop (~> 1.41)
    rubocop-performance (1.21.0)
      rubocop (>= 1.48.1, < 2.0)
      rubocop-ast (>= 1.31.1, < 2.0)
    rubocop-rails (2.19.0)
      activesupport (>= 4.2.0)
      rack (>= 1.1)
      rubocop (>= 1.33.0, < 2.0)
    rubocop-rake (0.6.0)
      rubocop (~> 1.0)
    rubocop-rspec (2.29.1)
      rubocop (~> 1.40)
      rubocop-capybara (~> 2.17)
      rubocop-factory_bot (~> 2.22)
      rubocop-rspec_rails (~> 2.28)
    rubocop-rspec_rails (2.28.2)
      rubocop (~> 1.40)
    ruby-progressbar (1.13.0)
    ruby2_keywords (0.0.5)
    rubyzip (2.3.2)
    sass-rails (6.0.0)
      sassc-rails (~> 2.1, >= 2.1.1)
    sassc (2.4.0)
      ffi (~> 1.9)
    sassc-rails (2.1.2)
      railties (>= 4.0.0)
      sassc (>= 2.0)
      sprockets (> 3.0)
      sprockets-rails
      tilt
    scenic (1.8.0)
      activerecord (>= 4.0.0)
      railties (>= 4.0.0)
    scenic-mysql_adapter (1.0.1)
      mysql2
      scenic (>= 1.4.0)
    selenium-webdriver (4.19.0)
      base64 (~> 0.2)
      rexml (~> 3.2, >= 3.2.5)
      rubyzip (>= 1.2.2, < 3.0)
      websocket (~> 1.0)
    semantic_range (3.0.0)
    shellany (0.0.1)
    simple_command (1.0.1)
    simplecov (0.13.0)
      docile (~> 1.1.0)
      json (>= 1.8, < 3)
      simplecov-html (~> 0.10.0)
    simplecov-html (0.10.2)
    snaky_hash (2.0.1)
      hashie
      version_gem (~> 1.1, >= 1.1.1)
    sparkr (0.4.1)
    spring (4.1.3)
    spring-commands-rspec (1.0.4)
      spring (>= 0.9.1)
    spring-commands-rubocop (0.4.0)
      spring (>= 1.0)
    spring-watcher-listen (2.1.0)
      listen (>= 2.7, < 4.0)
      spring (>= 4)
    sprockets (4.2.1)
      concurrent-ruby (~> 1.0)
      rack (>= 2.2.4, < 4)
    sprockets-rails (3.4.2)
      actionpack (>= 5.2)
      activesupport (>= 5.2)
      sprockets (>= 3.0.0)
    sshkit (1.22.1)
      base64
      mutex_m
      net-scp (>= 1.1.2)
      net-sftp (>= 2.1.2)
      net-ssh (>= 2.8.0)
    stimulus-rails (1.3.3)
      railties (>= 6.0.0)
    sync (0.5.0)
    sys-uname (1.2.3)
      ffi (~> 1.1)
    sysexits (1.2.0)
    temple (0.10.3)
    term-ansicolor (1.7.2)
      tins (~> 1.0)
    thor (1.3.1)
    tilt (2.3.0)
    timeout (0.4.1)
    tins (1.32.1)
      sync
    tzinfo (2.0.6)
      concurrent-ruby (~> 1.0)
    unaccent (0.4.0)
    unicode-display_width (2.5.0)
    uniform_notifier (1.16.0)
    uri (0.13.0)
    version_gem (1.1.4)
    view_component (3.11.0)
      activesupport (>= 5.2.0, < 8.0)
      concurrent-ruby (~> 1.0)
      method_source (~> 1.0)
    warden (1.2.9)
      rack (>= 2.0.9)
    web-console (4.2.1)
      actionview (>= 6.0.0)
      activemodel (>= 6.0.0)
      bindex (>= 0.4.0)
      railties (>= 6.0.0)
    webmock (3.23.0)
      addressable (>= 2.8.0)
      crack (>= 0.3.2)
      hashdiff (>= 0.4.0, < 2.0.0)
    webpacker (5.4.4)
      activesupport (>= 5.2)
      rack-proxy (>= 0.6.1)
      railties (>= 5.2)
      semantic_range (>= 2.3.0)
    websocket (1.2.10)
    websocket-driver (0.7.6)
      websocket-extensions (>= 0.1.0)
    websocket-extensions (0.1.5)
    xpath (3.2.0)
      nokogiri (~> 1.8)
    yard (0.9.36)
    zeitwerk (2.6.13)

PLATFORMS
  x86_64-linux

DEPENDENCIES
  awesome_print
  better_errors
  binding_of_caller
  bootsnap (>= 1.4.2)
  brakeman
  browser
  bullet
  capistrano
  capybara (>= 2.15)
  codecov
  coveralls
  cucumber-rails
  daemons
  datagrid
  delayed-web
  delayed_job_active_record
  devise
  devise-i18n
  factory_bot_rails
  ffaker
  font-awesome-rails
  goggles_db!
  google_sign_in
  guard
  guard-brakeman
  guard-bundler
  guard-cucumber
  guard-haml_lint
  guard-inch
  guard-rspec
  guard-rubocop
  guard-shell
  guard-spring
  haml-rails
  haml_lint
  inch
  kaminari
  letter_opener
  listen (>= 3.2)
  mysql2 (>= 0.4.4)
  n_plus_one_control
  nokogiri
  omniauth-facebook
  omniauth-rails_csrf_protection
  prosopite
  pry
  puma (>= 5.3.1)
  rails (>= 6.1.7, < 7)
  rails-i18n (~> 6)
  rest-client
  rspec
  rspec-rails
  rspec_junit_formatter
  rspec_pacman_formatter
  rubocop
  rubocop-capybara
  rubocop-performance
  rubocop-rails (= 2.19)
  rubocop-rake
  rubocop-rspec
  sass-rails (>= 6)
  scenic
  scenic-mysql_adapter
  selenium-webdriver (>= 4.11)
  simplecov (= 0.13.0)
  spring
  spring-commands-rspec
  spring-commands-rubocop
  spring-watcher-listen
  stimulus-rails
  view_component
  web-console (>= 3.3.0)
  webmock
  webpacker

RUBY VERSION
   ruby 3.1.4p223

BUNDLED WITH
   2.2.7
